GEM
  remote: https://rubygems.org/
  specs:
    pg (1.2.3)

PLATFORMS
  ruby

DEPENDENCIES
  pg

RUBY VERSION
   ruby 2.6.0p0

BUNDLED WITH
   1.17.2
